PATH
  remote: .
  specs:
    optics-agent (0.0.0)
      graphql (~> 0.19.0)

GEM
  remote: https://rubygems.org/
  specs:
    google-protobuf (3.1.0)
    graphql (0.19.2)
    rake (11.3.0)

PLATFORMS
  ruby

DEPENDENCIES
  google-protobuf (~> 3.1.0)
  optics-agent!
  rake (~> 11.3.0)

BUNDLED WITH
   1.13.2
