PATH
  remote: .
  specs:
    optics-agent (0.0.0)

GEM
  remote: https://rubygems.org/
  specs:

PLATFORMS
  ruby

DEPENDENCIES
  optics-agent!

BUNDLED WITH
   1.13.1
