PATH
  remote: .
  specs:
    optics-agent (0.0.0)
      graphql (~> 0.19.0)

GEM
  remote: https://rubygems.org/
  specs:
    graphql (0.19.1)

PLATFORMS
  ruby

DEPENDENCIES
  optics-agent!

BUNDLED WITH
   1.13.1
