PATH
  remote: .
  specs:
    optics-agent (0.3.1)
      faraday (~> 0.9.2)
      google-protobuf (~> 3.1.0)
      graphql (~> 1.1.0)
      hitimes (~> 1.2.4)
      net-http-persistent (~> 2.0.0)

GEM
  remote: https://rubygems.org/
  specs:
    diff-lcs (1.2.5)
    faraday (0.9.2)
      multipart-post (>= 1.2, < 3)
    google-protobuf (3.1.0)
    graphql (1.1.0)
    hitimes (1.2.4)
    multipart-post (2.0.0)
    net-http-persistent (2.0)
    rake (11.3.0)
    rspec (3.5.0)
      rspec-core (~> 3.5.0)
      rspec-expectations (~> 3.5.0)
      rspec-mocks (~> 3.5.0)
    rspec-core (3.5.4)
      rspec-support (~> 3.5.0)
    rspec-expectations (3.5.0)
      diff-lcs (>= 1.2.0, < 2.0)
      rspec-support (~> 3.5.0)
    rspec-mocks (3.5.0)
      diff-lcs (>= 1.2.0, < 2.0)
      rspec-support (~> 3.5.0)
    rspec-support (3.5.0)

PLATFORMS
  ruby

DEPENDENCIES
  optics-agent!
  rake (~> 11.3.0)
  rspec (~> 3.5.0)

BUNDLED WITH
   1.13.6
